GEM
  remote: https://rubygems.org/
  specs:
    ast (2.4.2)
    ffi (1.15.5)
    haml (5.2.2)
      temple (>= 0.8.0)
      tilt
    multi_json (1.15.0)
    mustermann (1.1.1)
      ruby2_keywords (~> 0.0.1)
    nio4r (2.5.8)
    parallel (1.21.0)
    parser (3.1.0.0)
      ast (~> 2.4.1)
    puma (5.6.1)
      nio4r (~> 2.0)
    rack (2.2.3)
    rack-protection (2.1.0)
      rack
    rainbow (3.1.1)
    rb-fsevent (0.11.1)
    rb-inotify (0.10.1)
      ffi (~> 1.0)
    regexp_parser (2.2.0)
    rexml (3.2.5)
    rubocop (1.25.1)
      parallel (~> 1.10)
      parser (>= 3.1.0.0)
      rainbow (>= 2.2.2, < 4.0)
      regexp_parser (>= 1.8, < 3.0)
      rexml
      rubocop-ast (>= 1.15.1, < 2.0)
      ruby-progressbar (~> 1.7)
      unicode-display_width (>= 1.4.0, < 3.0)
    rubocop-ast (1.15.1)
      parser (>= 3.0.1.1)
    rubocop-fjord (0.2.0)
      rubocop (>= 1.0)
      rubocop-performance
    rubocop-performance (1.13.2)
      rubocop (>= 1.7.0, < 2.0)
      rubocop-ast (>= 0.4.0)
    ruby-progressbar (1.11.0)
    ruby2_keywords (0.0.5)
    sass (3.7.4)
      sass-listen (~> 4.0.0)
    sass-listen (4.0.0)
      rb-fsevent (~> 0.9, >= 0.9.4)
      rb-inotify (~> 0.9, >= 0.9.7)
    sinatra (2.1.0)
      mustermann (~> 1.0)
      rack (~> 2.2)
      rack-protection (= 2.1.0)
      tilt (~> 2.0)
    sinatra-contrib (2.1.0)
      multi_json
      mustermann (~> 1.0)
      rack-protection (= 2.1.0)
      sinatra (= 2.1.0)
      tilt (~> 2.0)
    temple (0.8.2)
    tilt (2.0.10)
    unicode-display_width (2.1.0)
    webrick (1.7.0)

PLATFORMS
  ruby

DEPENDENCIES
  haml
  puma
  rubocop-fjord
  sass
  sinatra
  sinatra-contrib
  webrick

BUNDLED WITH
   2.3.4
